GEM
  remote: https://rubygems.org/
  specs:
    colorator (0.1)
    ffi (1.12.2)
    jekyll (3.0.0)
      colorator (~> 0.1)
      jekyll-sass-converter (~> 1.0)
      jekyll-watch (~> 1.1)
      kramdown (~> 1.3)
      liquid (~> 3.0)
      mercenary (~> 0.3.3)
      rouge (~> 1.7)
      safe_yaml (~> 1.0)
    jekyll-redirect-from (0.9.0)
      jekyll (>= 2.0)
    jekyll-sass-converter (1.5.2)
      sass (~> 3.4)
    jekyll-sitemap (0.9.0)
    jekyll-watch (1.5.1)
      listen (~> 3.0)
    kramdown (1.17.0)
    liquid (3.0.6)
    listen (3.2.1)
      rb-fsevent (~> 0.10, >= 0.10.3)
      rb-inotify (~> 0.9, >= 0.9.10)
    mercenary (0.3.6)
    rb-fsevent (0.10.3)
    rb-inotify (0.10.1)
      ffi (~> 1.0)
    rouge (1.11.1)
    safe_yaml (1.0.5)
    sass (3.7.4)
      sass-listen (~> 4.0.0)
    sass-listen (4.0.0)
      rb-fsevent (~> 0.9, >= 0.9.4)
      rb-inotify (~> 0.9, >= 0.9.7)

PLATFORMS
  ruby

DEPENDENCIES
  jekyll (= 3.0.0)
  jekyll-redirect-from (= 0.9.0)
  jekyll-sitemap (= 0.9.0)

BUNDLED WITH
   1.17.3
